PATH
  remote: .
  specs:
    sidekiq-alive (4.0.0)
      puma
      rack
      rackup
      sidekiq (> 7)

GEM
  remote: https://rubygems.org/
  specs:
    coderay (1.1.3)
    connection_pool (2.5.4)
    diff-lcs (1.6.2)
    json (2.15.1)
    logger (1.7.0)
    method_source (1.1.0)
    mock_redis (0.52.0)
      redis (~> 5)
    nio4r (2.7.4)
    pry (0.15.2)
      coderay (~> 1.1)
      method_source (~> 1.0)
    puma (6.6.0)
      nio4r (~> 2.0)
    rack (3.2.3)
    rack-test (2.2.0)
      rack (>= 1.3)
    rackup (2.2.1)
      rack (>= 3)
    rake (13.3.0)
    redis (5.4.1)
      redis-client (>= 0.22.0)
    redis-client (0.26.1)
      connection_pool
    rspec (3.13.2)
      rspec-core (~> 3.13.0)
      rspec-expectations (~> 3.13.0)
      rspec-mocks (~> 3.13.0)
    rspec-core (3.13.6)
      rspec-support (~> 3.13.0)
    rspec-expectations (3.13.5)
      diff-lcs (>= 1.2.0, < 2.0)
      rspec-support (~> 3.13.0)
    rspec-mocks (3.13.6)
      diff-lcs (>= 1.2.0, < 2.0)
      rspec-support (~> 3.13.0)
    rspec-sidekiq (5.2.0)
      rspec-core (~> 3.0)
      rspec-expectations (~> 3.0)
      rspec-mocks (~> 3.0)
      sidekiq (>= 5, < 9)
    rspec-support (3.13.6)
    sidekiq (8.0.8)
      connection_pool (>= 2.5.0)
      json (>= 2.9.0)
      logger (>= 1.6.2)
      rack (>= 3.1.0)
      redis-client (>= 0.23.2)

PLATFORMS
  ruby

DEPENDENCIES
  bundler (> 1.16)
  mock_redis
  pry
  rack-test
  rake
  rspec
  rspec-sidekiq (> 5)
  sidekiq-alive!

BUNDLED WITH
   2.2.22
